GEM
  remote: http://rubygems.org/
  specs:
    cri (2.0.2)
    haml (3.1.2)
    json (1.5.3)
    kramdown (0.13.3)
    nanoc (3.2.1)
      nanoc3 (>= 3.2.1)
    nanoc3 (3.2.1)
      cri (~> 2.0)
    titleize (1.2.1)

PLATFORMS
  ruby

DEPENDENCIES
  haml
  json
  kramdown
  nanoc
  titleize
